GEM
  remote: http://rubygems.org/
  specs:
    coderay (1.1.3)
    faraday (2.7.2)
      faraday-net_http (>= 2.0, < 3.1)
      ruby2_keywords (>= 0.0.4)
    faraday-net_http (3.0.2)
    method_source (1.0.0)
    pry (0.14.1)
      coderay (~> 1.1)
      method_source (~> 1.0)
    ruby2_keywords (0.0.5)

PLATFORMS
  x86_64-linux

DEPENDENCIES
  faraday
  pry

RUBY VERSION
   ruby 3.2.1p31

BUNDLED WITH
   2.3.14
