GEM
  remote: http://rubygems.org/
  specs:
    ansi (1.4.1)
    turn (0.8.3)
      ansi

PLATFORMS
  ruby

DEPENDENCIES
  turn
